GIT
  remote: git://github.com/StayNTouch/wash_out.git
  revision: 106095fac08a4e1e4e567e7a3b57ca299d3abf6b
  ref: 106095fac08a4e1e4e567e7a3b57ca299d3abf6b
  specs:
    wash_out (0.9.1)
      nori (>= 2.0.0)

GIT
  remote: git://github.com/roots/capistrano-grunt.git
  revision: 9b732e696fa9b78e75faa42c51c674eb6114b5c8
  specs:
    capistrano-grunt (0.0.4)
      capistrano (>= 3.0.0.pre)

GIT
  remote: https://github.com/kimkong/userstamp.git
  revision: fbb35ccb5004bb04f87e01cbe9b7a5ccdd06b856
  specs:
    userstamp (2.0.2)

GEM
  remote: https://rubygems.org/
  specs:
    actionmailer (3.2.13)
      actionpack (= 3.2.13)
      mail (~> 2.5.3)
    actionpack (3.2.13)
      activemodel (= 3.2.13)
      activesupport (= 3.2.13)
      builder (~> 3.0.0)
      erubis (~> 2.7.0)
      journey (~> 1.0.4)
      rack (~> 1.4.5)
      rack-cache (~> 1.2)
      rack-test (~> 0.6.1)
      sprockets (~> 2.2.1)
    activemodel (3.2.13)
      activesupport (= 3.2.13)
      builder (~> 3.0.0)
    activerecord (3.2.13)
      activemodel (= 3.2.13)
      activesupport (= 3.2.13)
      arel (~> 3.0.2)
      tzinfo (~> 0.3.29)
    activeresource (3.2.13)
      activemodel (= 3.2.13)
      activesupport (= 3.2.13)
    activesupport (3.2.13)
      i18n (= 0.6.1)
      multi_json (~> 1.0)
    addressable (2.3.6)
    akami (1.2.0)
      gyoku (>= 0.4.0)
      nokogiri (>= 1.4.0)
    amq-protocol (1.9.2)
    andand (1.3.3)
    arel (3.0.2)
    ast (1.1.0)
    authlogic (3.3.0)
      activerecord (>= 3.2)
      activesupport (>= 3.2)
    base_app (1.0.5)
    bcrypt-ruby (3.1.2)
    builder (3.0.4)
    bunny (1.4.1)
      amq-protocol (>= 1.9.2)
    cancan (1.6.10)
    capistrano (3.0.1)
      i18n
      rake (>= 10.0.0)
      sshkit (>= 0.0.23)
    capistrano-bundler (1.0.0)
      capistrano (>= 3.0.0.pre)
    capistrano-npm (1.0.0)
      capistrano (>= 3.0.0.pre)
    capistrano-rails (1.0.0)
      capistrano
    capistrano-rvm (0.0.3)
      capistrano
    chunky_png (1.2.9)
    climate_control (0.0.3)
      activesupport (>= 3.0)
    cocaine (0.5.3)
      climate_control (>= 0.0.3, < 1.0)
    coffee-rails (3.2.2)
      coffee-script (>= 2.2.0)
      railties (~> 3.2.0)
    coffee-script (2.2.0)
      coffee-script-source
      execjs
    coffee-script-source (1.6.3)
    columnize (0.3.6)
    commonjs (0.2.7)
    credit_card_validator (1.2.0)
      base_app (>= 1.0.5)
    dalli (2.6.4)
    debugger (1.6.2)
      columnize (>= 0.3.1)
      debugger-linecache (~> 1.2.0)
      debugger-ruby_core_source (~> 1.2.3)
    debugger-linecache (1.2.0)
    debugger-ruby_core_source (1.2.3)
    diff-lcs (1.2.4)
    digest-crc (0.4.1)
    erubis (2.7.0)
    eventmachine (1.0.3)
    exception_notification (4.0.1)
      actionmailer (>= 3.0.4)
      activesupport (>= 3.0.4)
    excon (0.25.3)
    execjs (2.0.1)
    factory_girl (4.2.0)
      activesupport (>= 3.0.0)
    factory_girl_rails (4.2.1)
      factory_girl (~> 4.2.0)
      railties (>= 3.0.0)
    faraday (0.8.8)
      multipart-post (~> 1.2.0)
    file-tail (1.0.12)
      tins (~> 0.5)
    fog (1.15.0)
      builder
      excon (~> 0.25.0)
      formatador (~> 0.2.0)
      mime-types
      multi_json (~> 1.0)
      net-scp (~> 1.1)
      net-ssh (>= 2.1.3)
      nokogiri (~> 1.5)
      ruby-hmac
    formatador (0.2.4)
    gcm (0.0.5)
      httparty
      json
    geocoder (1.1.8)
    globalize (3.1.0)
      activemodel (>= 3.1.0, < 4.0.0)
      activerecord (>= 3.1.0, < 4.0.0)
    god (0.13.2)
    grocer (0.5.0)
    gyoku (1.0.0)
      builder (>= 2.1.2)
    haml (4.0.4)
      tilt
    haml-rails (0.4)
      actionpack (>= 3.1, < 4.1)
      activesupport (>= 3.1, < 4.1)
      haml (>= 3.1, < 4.1)
      railties (>= 3.1, < 4.1)
    hashie (1.2.0)
    hike (1.2.3)
    httparty (0.12.0)
      json (~> 1.8)
      multi_xml (>= 0.5.2)
    httpauth (0.2.0)
    httpi (2.0.2)
      rack
    i18n (0.6.1)
    jbuilder (2.0.5)
      activesupport (>= 3.0.0)
      multi_json (>= 1.2.0)
    journey (1.0.4)
    jquery-rails (2.3.0)
      railties (>= 3.0, < 5.0)
      thor (>= 0.14, < 2.0)
    jquery-ui-rails (4.0.4)
      jquery-rails
      railties (>= 3.1.0)
    json (1.8.0)
    jwt (0.1.8)
      multi_json (>= 1.5)
    kaminari (0.15.0)
      actionpack (>= 3.0.0)
      activesupport (>= 3.0.0)
    kgio (2.8.1)
    launchy (2.4.3)
      addressable (~> 2.3)
    less (2.4.0)
      commonjs (~> 0.2.7)
    less-rails (2.4.2)
      actionpack (>= 3.1)
      less (~> 2.4.0)
    letter_opener (1.2.0)
      launchy (~> 2.2)
    libv8 (3.11.8.17)
    little-plugger (1.1.3)
    logging (1.8.1)
      little-plugger (>= 1.1.3)
      multi_json (>= 1.3.6)
    logging-rails (0.4.0)
      logging (~> 1.6)
    mail (2.5.4)
      mime-types (~> 1.16)
      treetop (~> 1.4.8)
    mail_view (2.0.4)
      tilt
    mime-types (1.24)
    mini_portile (0.5.1)
    mono_logger (1.1.0)
    multi_json (1.7.9)
    multi_xml (0.5.5)
    multipart-post (1.2.0)
    mysql2 (0.3.13)
    net-scp (1.1.2)
      net-ssh (>= 2.6.5)
    net-sftp (2.1.2)
      net-ssh (>= 2.6.5)
    net-ssh (2.7.0)
    nokogiri (1.6.0)
      mini_portile (~> 0.5.0)
    nori (2.1.0)
    oauth2 (0.8.1)
      faraday (~> 0.8)
      httpauth (~> 0.1)
      jwt (~> 0.1.4)
      multi_json (~> 1.0)
      rack (~> 1.2)
    omniauth (1.1.0)
      hashie (~> 1.2)
      rack
    omniauth-facebook (1.4.1)
      omniauth-oauth2 (~> 1.1.0)
    omniauth-oauth2 (1.1.1)
      oauth2 (~> 0.8.0)
      omniauth (~> 1.0)
    paperclip (3.5.4)
      activemodel (>= 3.0.0)
      activesupport (>= 3.0.0)
      cocaine (~> 0.5.3)
      mime-types
    parser (2.1.7)
      ast (~> 1.1)
      slop (~> 3.4, >= 3.4.5)
    polyglot (0.3.3)
    power_enum (1.3.4)
      rails (~> 3.1)
    powerpack (0.0.9)
    quiet_assets (1.0.2)
      railties (>= 3.1, < 5.0)
    rack (1.4.5)
    rack-cache (1.2)
      rack (>= 0.4)
    rack-protection (1.5.0)
      rack
    rack-ssl (1.3.3)
      rack
    rack-test (0.6.2)
      rack (>= 1.0)
    rails (3.2.13)
      actionmailer (= 3.2.13)
      actionpack (= 3.2.13)
      activerecord (= 3.2.13)
      activeresource (= 3.2.13)
      activesupport (= 3.2.13)
      bundler (~> 1.0)
      railties (= 3.2.13)
    rails-settings-cached (0.2.4)
      rails (>= 3.0.0)
    railties (3.2.13)
      actionpack (= 3.2.13)
      activesupport (= 3.2.13)
      rack-ssl (~> 1.3.2)
      rake (>= 0.8.7)
      rdoc (~> 3.4)
      thor (>= 0.14.6, < 2.0)
    rainbow (2.0.0)
    raindrops (0.12.0)
    rake (10.1.0)
    rdoc (3.12.2)
      json (~> 1.4)
    redis (3.0.4)
    redis-namespace (1.3.1)
      redis (~> 3.0.0)
    redis-objects (0.7.0)
      redis (>= 3.0.2)
    ref (1.0.5)
    resque (1.24.1)
      mono_logger (~> 1.0)
      multi_json (~> 1.0)
      redis-namespace (~> 1.2)
      sinatra (>= 0.9.2)
      vegas (~> 0.1.2)
    resque-logger (0.2.0)
      resque
    resque-loner (1.3.0)
      resque (~> 1.0)
    resque-scheduler (2.0.1)
      redis (>= 2.0.1)
      resque (>= 1.20.0)
      rufus-scheduler
    resque_spec (0.14.2)
      resque (>= 1.19.0)
      rspec-core (>= 2.5.0)
      rspec-expectations (>= 2.5.0)
      rspec-mocks (>= 2.5.0)
    rest-client (1.6.7)
      mime-types (>= 1.16)
    rmagick (2.13.2)
    rqrcode (0.4.2)
    rqrcode_png (0.1.2)
      chunky_png
      rqrcode
    rspec-core (2.14.5)
    rspec-expectations (2.14.2)
      diff-lcs (>= 1.1.3, < 2.0)
    rspec-mocks (2.14.3)
    rspec-rails (2.14.0)
      actionpack (>= 3.0)
      activesupport (>= 3.0)
      railties (>= 3.0)
      rspec-core (~> 2.14.0)
      rspec-expectations (~> 2.14.0)
      rspec-mocks (~> 2.14.0)
    rubocop (0.20.0)
      json (>= 1.7.7, < 2)
      parser (~> 2.1.7)
      powerpack (~> 0.0.6)
      rainbow (>= 1.99.1, < 3.0)
      ruby-progressbar (~> 1.4)
    ruby-hmac (0.4.0)
    ruby-progressbar (1.4.2)
    ruby2ruby (2.1.1)
      ruby_parser (~> 3.1)
      sexp_processor (~> 4.0)
    ruby_parser (3.6.1)
      sexp_processor (~> 4.1)
    rufus-scheduler (2.0.23)
      tzinfo (>= 0.3.23)
    sass (3.2.10)
    sass-rails (3.2.6)
      railties (~> 3.2.0)
      sass (>= 3.1.10)
      tilt (~> 1.3)
    savon (2.2.0)
      akami (~> 1.2.0)
      builder (>= 2.1.2)
      gyoku (~> 1.0.0)
      httpi (~> 2.0.2)
      nokogiri (>= 1.4.0)
      nori (~> 2.1.0)
      wasabi (~> 3.1.0)
    second_level_cache (1.6.2)
      activesupport (~> 3.2.0)
    sexp_processor (4.4.3)
    sinatra (1.4.3)
      rack (~> 1.4)
      rack-protection (~> 1.4)
      tilt (~> 1.3, >= 1.3.4)
    slop (3.5.0)
    sourcify (0.5.0)
      file-tail (>= 1.0.5)
      ruby2ruby (>= 1.2.5)
      ruby_parser (>= 2.0.5)
      sexp_processor (>= 3.0.5)
    sprockets (2.2.2)
      hike (~> 1.2)
      multi_json (~> 1.0)
      rack (~> 1.0)
      tilt (~> 1.1, != 1.3.0)
    sshkit (1.1.0)
      net-scp
      net-ssh
      term-ansicolor
    strip_params (0.0.1)
    term-ansicolor (1.2.2)
      tins (~> 0.8)
    therubyracer (0.11.4)
      libv8 (~> 3.11.8.12)
      ref
    thor (0.18.1)
    tilt (1.4.1)
    tins (0.12.0)
    touchpunch-rails (1.0.1)
      railties (>= 3.1, < 4.1)
    treetop (1.4.15)
      polyglot
      polyglot (>= 0.3.1)
    tzinfo (0.3.37)
    uglifier (2.2.1)
      execjs (>= 0.3.0)
      multi_json (~> 1.0, >= 1.0.2)
    unicorn (4.6.3)
      kgio (~> 2.6)
      rack
      raindrops (~> 0.7)
    unicorn-rails (1.1.0)
      rack
      unicorn
    unicorn-worker-killer (0.4.2)
      unicorn (~> 4)
    validate_url (0.2.2)
      activemodel (>= 3.0.0)
      addressable
    validates_overlap (0.3.0)
      validates_overlap
    vegas (0.1.11)
      rack (>= 1.0.0)
    wasabi (3.1.0)
      httpi (~> 2.0)
      nokogiri (>= 1.4.0)
    wicked_pdf (0.11.0)
      rails
    wkhtmltopdf-binary (0.9.9.3)

PLATFORMS
  ruby

DEPENDENCIES
  andand (~> 1.3.3)
  authlogic (~> 3.3.0)
  bcrypt-ruby (~> 3.1.2)
  bunny (~> 1.4.0)
  cancan (~> 1.6.10)
  capistrano (~> 3.0.1)
  capistrano-bundler (~> 1.0.0)
  capistrano-grunt (~> 0.0.4)!
  capistrano-npm (~> 1.0.0)
  capistrano-rails (~> 1.0.0)
  capistrano-rvm (~> 0.0.3)
  coffee-rails (~> 3.2.2)
  credit_card_validator (~> 1.2.0)
  dalli (~> 2.6.4)
  debugger (~> 1.6.2)
  digest-crc (~> 0.4.1)
  eventmachine
  exception_notification
  factory_girl_rails (~> 4.2.1)
  fog (~> 1.15.0)
  gcm (~> 0.0.5)
  geocoder (~> 1.1.8)
  globalize (~> 3.1.0)
  god (~> 0.13.2)
  grocer (~> 0.5.0)
  haml-rails (~> 0.4)
  httparty (~> 0.12.0)
  jbuilder (~> 2.0.5)
  jquery-rails (~> 2.3.0)
  jquery-ui-rails (~> 4.0.4)
  kaminari
  less-rails (~> 2.4.2)
  letter_opener
  logging-rails (~> 0.4.0)
  mail_view (~> 2.0.4)
  mysql2 (~> 0.3.13)
  net-sftp (~> 2.1.2)
  nokogiri (~> 1.6.0)
  omniauth-facebook (~> 1.4.1)
  paperclip (~> 3.5.4)
  power_enum (~> 1.3.4)
  quiet_assets (~> 1.0.2)
  rails (~> 3.2.13)
  rails-settings-cached (~> 0.2.4)
  redis-objects (~> 0.7.0)
  resque (~> 1.24.1)
  resque-logger (~> 0.2.0)
  resque-loner (~> 1.3.0)
  resque-scheduler (~> 2.0.1)
  resque_spec (~> 0.14.2)
  rest-client (~> 1.6.7)
  rmagick (~> 2.13.2)
  rqrcode_png (~> 0.1.2)
  rspec-rails (~> 2.14.0)
  rubocop (~> 0.20.0)
  sass-rails (~> 3.2.6)
  savon (~> 2.2.0)
  second_level_cache (~> 1.6.2)
  sourcify
  strip_params (~> 0.0.1)
  therubyracer (~> 0.11.4)
  touchpunch-rails (~> 1.0.1)
  uglifier (~> 2.2.1)
  unicorn-rails (~> 1.1.0)
  unicorn-worker-killer (~> 0.4.2)
  userstamp!
  validate_url
  validates_overlap
  wash_out (~> 0.9.0)!
  wicked_pdf
  wkhtmltopdf-binary
